GEM
  remote: http://rubygems.org/
  specs:
    coderay (1.0.0)
    haml (3.1.3)
    nokogiri (1.5.0)
    rack (1.3.4)
    rack-codehighlighter (0.5.0)
      nokogiri (>= 1.4.1)
      rack (>= 1.0.0)
    rdiscount (1.6.8)
    renee (0.0.1)
      renee-core (= 0.0.1)
      renee-render (= 0.0.1)
    renee-core (0.0.1)
      rack (~> 1.3.0)
    renee-render (0.0.1)
      rack (~> 1.3.0)
      tilt (~> 1.3.3)
    shotgun (0.9)
      rack (>= 1.0)
    tilt (1.3.3)

PLATFORMS
  ruby

DEPENDENCIES
  coderay
  haml
  rack-codehighlighter
  rdiscount
  renee
  shotgun
